PATH
  remote: .
  specs:
    luhnatic (0.1.0)

GEM
  remote: https://rubygems.org/
  specs:
    coderay (1.1.3)
    method_source (1.0.0)
    minitest (5.20.0)
    pry (0.14.2)
      coderay (~> 1.1)
      method_source (~> 1.0)
    rake (10.5.0)

PLATFORMS
  arm64-darwin-22

DEPENDENCIES
  bundler (~> 2.4)
  luhnatic!
  minitest (~> 5.0)
  pry
  rake (~> 10.0)

BUNDLED WITH
   2.4.22
